PATH
  remote: .
  specs:
    gem-vault-server (0.0.0)
      builder
      sinatra
      sqlite3

GEM
  remote: http://rubygems.org/
  specs:
    builder (3.1.4)
    rack (1.5.2)
    rack-protection (1.5.0)
      rack
    sinatra (1.4.3)
      rack (~> 1.4)
      rack-protection (~> 1.4)
      tilt (~> 1.3, >= 1.3.4)
    sqlite3 (1.3.7)
    tilt (1.4.1)

PLATFORMS
  ruby

DEPENDENCIES
  gem-vault-server!
