PATH
  remote: .
  specs:
    gem-vault-server (0.0.0)
      bcrypt-ruby
      builder
      rack-flash3
      sinatra (~> 1.4.3)
      sinatra-contrib
      thin
      warden

PATH
  remote: /Users/caleb/src/nos-record
  specs:
    nos-record (0.0.0)
      kyotocabinet-ruby
      leveldb-ruby
      oj
      redis
      sqlite3

GEM
  remote: https://rubygems.org/
  specs:
    backports (3.3.2)
    bcrypt-ruby (3.0.1)
    builder (3.2.2)
    coderay (1.0.8)
    daemons (1.1.9)
    diff-lcs (1.1.3)
    eventmachine (1.0.3)
    kyotocabinet-ruby (1.27.1)
    leveldb-ruby (0.15)
    method_source (0.8.1)
    oj (2.1.1)
    pry (0.9.10)
      coderay (~> 1.0.5)
      method_source (~> 0.8)
      slop (~> 3.3.1)
    rack (1.5.2)
    rack-flash3 (1.0.3)
      rack
      rack
    rack-protection (1.5.0)
      rack
    rack-test (0.6.2)
      rack (>= 1.0)
    redis (3.0.4)
    rspec (2.11.0)
      rspec-core (~> 2.11.0)
      rspec-expectations (~> 2.11.0)
      rspec-mocks (~> 2.11.0)
    rspec-core (2.11.1)
    rspec-expectations (2.11.3)
      diff-lcs (~> 1.1.3)
    rspec-mocks (2.11.3)
    sinatra (1.4.3)
      rack (~> 1.4)
      rack-protection (~> 1.4)
      tilt (~> 1.3, >= 1.3.4)
    sinatra-contrib (1.4.0)
      backports (>= 2.0)
      eventmachine
      rack-protection
      rack-test
      sinatra (~> 1.4.2)
      tilt (~> 1.3)
    slop (3.3.3)
    sqlite3 (1.3.7)
    thin (1.5.1)
      daemons (>= 1.0.9)
      eventmachine (>= 0.12.6)
      rack (>= 1.0.0)
    tilt (1.4.1)
    warden (1.2.1)
      rack (>= 1.0)

PLATFORMS
  ruby

DEPENDENCIES
  gem-vault-server!
  nos-record!
  pry
  rspec
