PATH
  remote: .
  specs:
    gem-vault-server (0.0.0)
      builder
      kyotocabinet-ruby
      leveldb-ruby
      oj
      redis
      sinatra
      sqlite3

GEM
  remote: http://rubygems.org/
  specs:
    builder (3.2.2)
    coderay (1.0.8)
    kyotocabinet-ruby (1.27.1)
    leveldb-ruby (0.15)
    method_source (0.8.1)
    oj (2.1.1)
    pry (0.9.10)
      coderay (~> 1.0.5)
      method_source (~> 0.8)
      slop (~> 3.3.1)
    rack (1.5.2)
    rack-protection (1.5.0)
      rack
    redis (3.0.4)
    sinatra (1.4.3)
      rack (~> 1.4)
      rack-protection (~> 1.4)
      tilt (~> 1.3, >= 1.3.4)
    slop (3.3.3)
    sqlite3 (1.3.7)
    tilt (1.4.1)

PLATFORMS
  ruby

DEPENDENCIES
  gem-vault-server!
  pry
